GEM
  remote: http://rubygems.org/
  specs:
    avro (1.7.5)
      yajl-ruby
    yajl-ruby (1.1.0)

PLATFORMS
  ruby

DEPENDENCIES
  avro
